GEM
  remote: https://rubygems.org/
  specs:
    activemodel (6.0.3.1)
      activesupport (= 6.0.3.1)
    activerecord (6.0.3.1)
      activemodel (= 6.0.3.1)
      activesupport (= 6.0.3.1)
    activesupport (6.0.3.1)
      concurrent-ruby (~> 1.0, >= 1.0.2)
      i18n (>= 0.7, < 2)
      minitest (~> 5.1)
      tzinfo (~> 1.1)
      zeitwerk (~> 2.2, >= 2.2.2)
    addressable (2.7.0)
      public_suffix (>= 2.0.2, < 5.0)
    coderay (1.1.2)
    concurrent-ruby (1.1.5)
    crack (0.4.3)
      safe_yaml (~> 1.0.0)
    deep_merge (1.2.1)
    diff-lcs (1.3)
    ebnf (1.1.3)
      rdf (~> 3.0)
      sxp (~> 1.0)
    ethon (0.12.0)
      ffi (>= 1.3.0)
    ffi (1.13.1)
    hamster (3.0.0)
      concurrent-ruby (~> 1.0)
    hashdiff (1.0.0)
    i18n (1.8.2)
      concurrent-ruby (~> 1.0)
    link_header (0.0.8)
    method_source (0.9.2)
    mini_portile2 (2.4.0)
    minitest (5.14.1)
    mqtt (0.5.0)
    net-http-pipeline (1.0.1)
    nokogiri (1.10.9)
      mini_portile2 (~> 2.4.0)
    parallel (1.19.1)
    pg (1.2.3)
    pry (0.12.2)
      coderay (~> 1.1.0)
      method_source (~> 0.9.0)
    public_suffix (4.0.1)
    rdf (3.0.12)
      hamster (~> 3.0)
      link_header (~> 0.0, >= 0.0.8)
    rdf-turtle (3.0.6)
      ebnf (~> 1.1)
      rdf (~> 3.0)
    rspec (3.9.0)
      rspec-core (~> 3.9.0)
      rspec-expectations (~> 3.9.0)
      rspec-mocks (~> 3.9.0)
    rspec-core (3.9.0)
      rspec-support (~> 3.9.0)
    rspec-expectations (3.9.0)
      diff-lcs (>= 1.2.0, < 2.0)
      rspec-support (~> 3.9.0)
    rspec-mocks (3.9.0)
      diff-lcs (>= 1.2.0, < 2.0)
      rspec-support (~> 3.9.0)
    rspec-support (3.9.0)
    ruby-ole (1.2.12.2)
    ruby-prof (1.4.1)
    ruby-progressbar (1.10.1)
    safe_yaml (1.0.5)
    semantic_logger (4.5.0)
      concurrent-ruby (~> 1.0)
    spreadsheet (1.2.6)
      ruby-ole (>= 1.0)
    sxp (1.0.2)
      rdf (~> 3.0)
    thread_safe (0.3.6)
    timecop (0.9.1)
    typhoeus (1.4.0)
      ethon (>= 0.9.0)
    tzinfo (1.2.7)
      thread_safe (~> 0.1)
    vcr (5.0.0)
    webmock (3.7.6)
      addressable (>= 2.3.6)
      crack (>= 0.3.2)
      hashdiff (>= 0.4.0, < 2.0.0)
    zeitwerk (2.3.0)

PLATFORMS
  ruby

DEPENDENCIES
  activerecord
  deep_merge
  mqtt
  net-http-pipeline
  nokogiri
  parallel
  pg
  pry
  rdf-turtle
  rspec
  ruby-prof
  ruby-progressbar
  semantic_logger
  spreadsheet
  timecop
  typhoeus
  vcr
  webmock

BUNDLED WITH
   1.17.3
